PATH
  remote: .
  specs:
    ruby-docx (0.0.0)
      zipruby (~> 0.3.6)

GEM
  remote: https://rubygems.org/
  specs:
    ast (2.2.0)
    parser (2.3.0.6)
      ast (~> 2.2)
    powerpack (0.1.1)
    rainbow (2.0.0)
    rubocop (0.37.2)
      parser (>= 2.3.0.4, < 3.0)
      powerpack (~> 0.1)
      rainbow (>= 1.99.1, < 3.0)
      ruby-progressbar (~> 1.7)
      unicode-display_width (~> 0.3)
    ruby-progressbar (1.7.5)
    unicode-display_width (0.3.1)
    zipruby (0.3.6)

PLATFORMS
  ruby

DEPENDENCIES
  rubocop (~> 0.37.0)
  ruby-docx!

BUNDLED WITH
   1.10.5
